PATH
  remote: .
  specs:
    pusher-platform (0.5.0)
      excon (~> 0.54.0)
      jwt (~> 1.5, >= 1.5.6)
      rack (>= 1.0)

GEM
  remote: https://rubygems.org/
  specs:
    excon (0.54.0)
    jwt (1.5.6)
    rack (2.0.3)

PLATFORMS
  ruby

DEPENDENCIES
  pusher-platform!

BUNDLED WITH
   1.15.4
