GEM
  remote: https://rubygems.org/
  specs:
    jwt (1.5.6)
    rack (1.6.5)

PLATFORMS
  ruby

DEPENDENCIES
  jwt (~> 1.5, >= 1.5.6)
  rack (~> 1.6, >= 1.6.4)

BUNDLED WITH
   1.14.3
